PATH
  remote: .
  specs:
    cenar (0.1.0)

GEM
  remote: https://rubygems.org/
  specs:
    coderay (1.1.3)
    method_source (1.0.0)
    pry (0.14.0)
      coderay (~> 1.1)
      method_source (~> 1.0)
    rake (13.0.3)

PLATFORMS
  x86_64-linux

DEPENDENCIES
  cenar!
  pry
  rake (~> 13.0)

BUNDLED WITH
   2.2.4
